PATH
  remote: .
  specs:
    nyc_parks_bathroom_finder (0.1.0)
      nokogiri
      open-uri

GEM
  remote: https://rubygems.org/
  specs:
    coderay (1.1.3)
    method_source (1.0.0)
    nokogiri (1.11.3-x86_64-darwin)
      racc (~> 1.4)
    open-uri (0.1.0)
    pry (0.14.1)
      coderay (~> 1.1)
      method_source (~> 1.0)
    racc (1.5.2)
    rake (10.5.0)

PLATFORMS
  x86_64-darwin-20

DEPENDENCIES
  bundler (~> 2.0)
  nyc_parks_bathroom_finder!
  pry
  rake (~> 10.0)

BUNDLED WITH
   2.2.17
